GEM
  remote: http://rubygems.org/
  specs:
    blankslate (2.1.2.4)
    bluecloth (2.2.0)
    gli (1.6.0)
    json (1.7.5)
    nokogiri (1.5.5)
    parslet (1.4.0)
      blankslate (~> 2.0)
    pdfkit (0.5.2)
    rack (1.4.1)
    rack-protection (1.2.0)
      rack
    rake (0.9.2.2)
    rmagick (2.13.1)
    sass (3.2.2)
    showoff (0.7.0)
      bluecloth
      gli (>= 1.3.2)
      json
      nokogiri
      parslet
      sinatra
    sinatra (1.3.3)
      rack (~> 1.3, >= 1.3.6)
      rack-protection (~> 1.2)
      tilt (~> 1.3, >= 1.3.3)
    tilt (1.3.3)
    wkhtmltopdf-binary (0.9.9.1)

PLATFORMS
  ruby

DEPENDENCIES
  bluecloth
  gli (~> 1.6)
  nokogiri
  pdfkit
  rake
  rmagick
  sass
  showoff
  wkhtmltopdf-binary
